GEM
  remote: https://rubygems.org/
  specs:
    rake (10.4.2)
    sqlite3 (1.3.10)

PLATFORMS
  ruby

DEPENDENCIES
  rake
  sqlite3
